GEM
  remote: https://rubygems.org/
  specs:
    byebug (4.0.5)
      columnize (= 0.9.0)
    coderay (1.1.0)
    colorize (0.7.7)
    columnize (0.9.0)
    commander (4.3.4)
      highline (~> 1.7.2)
    euler-manager (0.1.1)
      colorize
      commander
      peach
    highline (1.7.2)
    method_source (0.8.2)
    peach (0.5.1)
    pry (0.10.1)
      coderay (~> 1.1.0)
      method_source (~> 0.8.1)
      slop (~> 3.4)
    pry-byebug (3.1.0)
      byebug (~> 4.0)
      pry (~> 0.10)
    slop (3.6.0)

PLATFORMS
  ruby

DEPENDENCIES
  euler-manager
  pry
  pry-byebug
